PATH
  remote: .
  specs:
    elastico (0.0.2)

GEM
  remote: https://rubygems.org/
  specs:
    rake (10.1.0)
    spawnling (2.1.1)

PLATFORMS
  ruby

DEPENDENCIES
  elastico!
  rake
  spawnling (~> 2.1.1)
